PATH
  remote: ../stellar_core_commander
  specs:
    stellar_core_commander (0.0.11)
      activesupport (>= 4.0.0)
      contracts (~> 0.9)
      faraday (~> 0.9.1)
      faraday_middleware (~> 0.9.1)
      pg (~> 0.18.1)
      sequel (~> 4.21.0)
      slop (~> 3.6.0)
      stellar-base (>= 0.0.15)

GEM
  remote: https://rubygems.org/
  specs:
    activemodel (4.2.3)
      activesupport (= 4.2.3)
      builder (~> 3.1)
    activerecord (4.2.3)
      activemodel (= 4.2.3)
      activesupport (= 4.2.3)
      arel (~> 6.0)
    activesupport (4.2.3)
      i18n (~> 0.7)
      json (~> 1.7, >= 1.7.7)
      minitest (~> 5.1)
      thread_safe (~> 0.3, >= 0.3.4)
      tzinfo (~> 1.1)
    arel (6.0.0)
    awesome_print (1.6.1)
    backports (3.6.4)
    better_errors (2.1.1)
      coderay (>= 1.0.0)
      erubis (>= 2.6.6)
      rack (>= 0.9.0)
    binding_of_caller (0.7.2)
      debug_inspector (>= 0.0.1)
    builder (3.2.2)
    celluloid (0.16.0)
      timers (~> 4.0.0)
    coderay (1.1.0)
    contracts (0.9)
    daemons (1.2.3)
    debug_inspector (0.0.2)
    dotenv (2.0.2)
    erubis (2.7.0)
    eventmachine (1.0.7)
    excon (0.45.3)
    faraday (0.9.1)
      multipart-post (>= 1.2, < 3)
    faraday_middleware (0.9.1)
      faraday (>= 0.7.4, < 0.10)
    ffi (1.9.8)
    haml (4.0.6)
      tilt
    hitimes (1.2.2)
    i18n (0.7.0)
    json (1.8.3)
    listen (2.10.1)
      celluloid (~> 0.16.0)
      rb-fsevent (>= 0.9.3)
      rb-inotify (>= 0.9)
    memoist (0.12.0)
    method_source (0.8.2)
    minitest (5.7.0)
    multipart-post (2.0.0)
    pg (0.18.2)
    pry (0.10.1)
      coderay (~> 1.1.0)
      method_source (~> 0.8.1)
      slop (~> 3.4)
    rack (1.6.4)
    rack-flash3 (1.0.5)
      rack
    rack-protection (1.5.3)
      rack
    rake (10.4.2)
    rb-fsevent (0.9.5)
    rb-inotify (0.9.5)
      ffi (>= 0.5.0)
    rbnacl (3.2.0)
      ffi
    rbnacl-libsodium (1.0.3)
      rbnacl (~> 3.0, >= 3.0.1)
    rerun (0.10.0)
      listen (~> 2.7, >= 2.7.3)
    sass (3.4.15)
    sequel (4.21.0)
    sinatra (1.4.6)
      rack (~> 1.4)
      rack-protection (~> 1.4)
      tilt (>= 1.3, < 3)
    slop (3.6.0)
    sqlite3 (1.3.10)
    stellar-base (0.0.16)
      activesupport (~> 4)
      rbnacl
      rbnacl-libsodium (~> 1.0.3)
      xdr (~> 0.0.2)
    thin (1.6.3)
      daemons (~> 1.0, >= 1.0.9)
      eventmachine (~> 1.0)
      rack (~> 1.0)
    thread_safe (0.3.5)
    tilt (2.0.1)
    timers (4.0.1)
      hitimes
    tzinfo (1.2.2)
      thread_safe (~> 0.1)
    xdr (0.0.3)
      activemodel (~> 4)
      activesupport (~> 4)
      backports (~> 3.6)

PLATFORMS
  ruby

DEPENDENCIES
  activerecord
  activesupport
  awesome_print
  better_errors
  binding_of_caller
  dotenv
  excon
  haml
  memoist
  pg
  pry
  rack-flash3
  rake
  rb-fsevent
  rerun
  sass
  sinatra
  sqlite3
  stellar-base
  stellar_core_commander!
  thin
